GEM
  remote: http://rubygems.org/
  specs:
    ferret (0.11.8.7)
    json (2.6.3)

PLATFORMS
  ruby

DEPENDENCIES
  ferret
  json (>= 2.3.0)

BUNDLED WITH
   2.1.4
