GEM
  remote: http://rubygems.org/
  specs:
    ferret (0.11.6)
      rake (> 0.0.0)
    json (1.5.1)
    rake (0.8.7)

PLATFORMS
  ruby

DEPENDENCIES
  ferret
  json
